GEM
  remote: https://rubygems.org/
  specs:
    chunky_png (1.3.3)
    oily_png (1.1.2)
      chunky_png (~> 1.3.1)
    sass (3.4.12)

PLATFORMS
  ruby

DEPENDENCIES
  oily_png
  sass (~> 3.4.3)
